GIT
  remote: git://github.com/pry/pry.git
  revision: 723e1166c0e527601dd563268878165c7d8afedf
  specs:
    pry (0.9.9.6)
      coderay (~> 1.0.5)
      method_source (~> 0.8.pre.2)
      slop (~> 3.3.1)

GIT
  remote: git://github.com/sinatra/sinatra-contrib.git
  revision: 15f67dc49df702d651f3053ec0250f03f5465ca8
  specs:
    sinatra-contrib (1.4.0)
      backports (>= 2.0)
      eventmachine
      rack-protection
      rack-test
      sinatra (~> 1.4.0)
      tilt (~> 1.3)

GIT
  remote: git://github.com/sinatra/sinatra.git
  revision: 8752085a05c33edd13d3ec8d3187d1406456d404
  specs:
    sinatra (1.4.0)
      rack (~> 1.3, >= 1.3.6)
      rack-protection (~> 1.2)
      tilt (~> 1.3, >= 1.3.3)

GEM
  remote: http://rubygems.org/
  specs:
    activemodel (3.2.6)
      activesupport (= 3.2.6)
      builder (~> 3.0.0)
    activesupport (3.2.6)
      i18n (~> 0.6)
      multi_json (~> 1.0)
    airbrake (3.1.1)
      activesupport
      builder
    backports (2.6.1)
    bson (1.6.4)
    bson_ext (1.6.4)
      bson (~> 1.6.4)
    builder (3.0.0)
    coderay (1.0.6)
    daemons (1.1.8)
    eventmachine (0.12.10)
    haml (3.1.6)
    i18n (0.6.0)
    method_source (0.8.pre.2)
    mongo (1.6.2)
      bson (~> 1.6.2)
    mongoid (2.4.11)
      activemodel (~> 3.1)
      mongo (<= 1.6.2)
      tzinfo (~> 0.3.22)
    multi_json (1.3.6)
    rack (1.4.1)
    rack-protection (1.2.0)
      rack
    rack-test (0.6.1)
      rack (>= 1.0)
    slop (3.3.1)
    thin (1.3.1)
      daemons (>= 1.0.9)
      eventmachine (>= 0.12.6)
      rack (>= 1.0.0)
    tilt (1.3.3)
    tzinfo (0.3.33)
    will_paginate (3.0.3)
    will_paginate_mongoid (1.0.5)
      mongoid (~> 2.4)
      will_paginate (~> 3.0.2)

PLATFORMS
  ruby

DEPENDENCIES
  airbrake
  bson_ext
  haml
  pry!
  rack-test
  sinatra!
  sinatra-contrib!
  thin
  will_paginate_mongoid
