GIT
  remote: git://github.com/gmanley/sinatra-contrib.git
  revision: c0d770bcd5fc4e483fdf655854bc278fc5a1c6ef
  specs:
    sinatra-contrib (1.3.2)
      backports (>= 2.0)
      eventmachine
      rack-protection
      rack-test
      sinatra (~> 1.4.0)
      tilt (~> 1.3, >= 1.3.3)

GIT
  remote: git://github.com/gmanley/will_paginate_mongoid.git
  revision: 01bbf774c74fa616121f4b9d2b9753c4334c99d3
  specs:
    will_paginate_mongoid (1.0.0)
      mongoid (>= 2.2.2)
      will_paginate (>= 3.0.2)

GIT
  remote: git://github.com/pry/pry.git
  revision: 8721e71ff0308988865ef8bc9a01314b13f62e8d
  specs:
    pry (0.9.8pre3)
      coderay (~> 1.0.5)
      method_source (~> 0.7)
      slop (>= 2.4.1, < 3)

GIT
  remote: git://github.com/sinatra/sinatra.git
  revision: 4490a7638063bf3707fc4c7c8b16ab039cf91909
  specs:
    sinatra (1.4.0)
      rack (~> 1.3, >= 1.3.6)
      rack-protection (~> 1.2)
      tilt (~> 1.3, >= 1.3.3)

GEM
  remote: http://rubygems.org/
  specs:
    activemodel (3.1.3)
      activesupport (= 3.1.3)
      builder (~> 3.0.0)
      i18n (~> 0.6)
    activesupport (3.1.3)
      multi_json (~> 1.0)
    airbrake (3.0.9)
      activesupport
      builder
    backports (2.3.0)
    bson (1.5.2)
    bson_ext (1.5.2)
      bson (= 1.5.2)
    builder (3.0.0)
    coderay (1.0.5)
    daemons (1.1.5)
    eventmachine (0.12.10)
    haml (3.1.4)
    i18n (0.6.0)
    method_source (0.7.0)
    mongo (1.5.2)
      bson (= 1.5.2)
    mongoid (2.4.0)
      activemodel (~> 3.1)
      mongo (~> 1.3)
      tzinfo (~> 0.3.22)
    multi_json (1.0.4)
    rack (1.4.0)
    rack-protection (1.2.0)
      rack
    rack-test (0.6.1)
      rack (>= 1.0)
    slop (2.4.2)
    thin (1.3.1)
      daemons (>= 1.0.9)
      eventmachine (>= 0.12.6)
      rack (>= 1.0.0)
    tilt (1.3.3)
    tzinfo (0.3.31)
    will_paginate (3.0.2)

PLATFORMS
  ruby

DEPENDENCIES
  airbrake
  bson_ext
  haml
  pry!
  rack-test
  sinatra!
  sinatra-contrib!
  thin
  will_paginate_mongoid!
