GIT
  remote: git://github.com/gmanley/sinatra-contrib.git
  revision: f7e3e01d6868818aeb8f891ac1f450982c273df3
  specs:
    sinatra-contrib (1.3.2)
      backports (>= 2.0)
      eventmachine
      rack-protection
      rack-test
      sinatra (~> 1.4.0)
      tilt (~> 1.3, >= 1.3.3)

GIT
  remote: git://github.com/pry/pry.git
  revision: acb2964b3c965e33628e2dfa2274c1a3a0f55a35
  specs:
    pry (0.9.9.6)
      coderay (~> 1.0.5)
      method_source (~> 0.8.pre.2)
      slop (~> 3.3.1)

GIT
  remote: git://github.com/sinatra/sinatra.git
  revision: 8adecc09680d103e27147f3ab377525bb2af56c0
  specs:
    sinatra (1.4.0)
      rack (~> 1.3, >= 1.3.6)
      rack-protection (~> 1.2)
      tilt (~> 1.3, >= 1.3.3)

GEM
  remote: http://rubygems.org/
  specs:
    activemodel (3.2.6)
      activesupport (= 3.2.6)
      builder (~> 3.0.0)
    activesupport (3.2.6)
      i18n (~> 0.6)
      multi_json (~> 1.0)
    addressable (2.2.8)
    airbrake (3.1.1)
      activesupport
      builder
    backports (2.6.1)
    bson (1.6.4)
    bson_ext (1.6.4)
      bson (~> 1.6.4)
    builder (3.0.0)
    coderay (1.0.6)
    daemons (1.1.8)
    database_cleaner (0.8.0)
    diff-lcs (1.1.3)
    eventmachine (0.12.10)
    excon (0.14.1)
    faker (1.0.1)
      i18n (~> 0.4)
    haml (3.1.6)
    heroku (2.28.2)
      heroku-api (~> 0.2.6)
      launchy (>= 0.3.2)
      netrc (~> 0.7.4)
      rest-client (~> 1.6.1)
      rubyzip
    heroku-api (0.2.6)
      excon (~> 0.14.0)
    i18n (0.6.0)
    launchy (2.1.0)
      addressable (~> 2.2.6)
    method_source (0.8.pre.2)
    mime-types (1.19)
    mongo (1.6.2)
      bson (~> 1.6.2)
    mongoid (2.4.11)
      activemodel (~> 3.1)
      mongo (<= 1.6.2)
      tzinfo (~> 0.3.22)
    multi_json (1.3.6)
    netrc (0.7.4)
    rack (1.4.1)
    rack-protection (1.2.0)
      rack
    rack-test (0.6.1)
      rack (>= 1.0)
    rake (0.9.2.2)
    rest-client (1.6.7)
      mime-types (>= 1.16)
    rspec (2.10.0)
      rspec-core (~> 2.10.0)
      rspec-expectations (~> 2.10.0)
      rspec-mocks (~> 2.10.0)
    rspec-core (2.10.1)
    rspec-expectations (2.10.0)
      diff-lcs (~> 1.1.3)
    rspec-mocks (2.10.1)
    rubyzip (0.9.9)
    slop (3.3.1)
    thin (1.3.1)
      daemons (>= 1.0.9)
      eventmachine (>= 0.12.6)
      rack (>= 1.0.0)
    tilt (1.3.3)
    tzinfo (0.3.33)
    will_paginate (3.0.3)
    will_paginate_mongoid (1.0.5)
      mongoid (~> 2.4)
      will_paginate (~> 3.0.2)

PLATFORMS
  ruby

DEPENDENCIES
  airbrake
  bson_ext
  database_cleaner
  faker
  haml
  heroku
  mongoid (~> 2.4)
  pry!
  rack-test
  rake
  rspec
  sinatra!
  sinatra-contrib!
  thin
  will_paginate_mongoid
