GIT
  remote: git://github.com/gmanley/mongoid.git
  revision: 7e44c01847b2d7f78662720034b3296c2fd71ef7
  branch: pagination
  specs:
    mongoid (2.1.0)
      activemodel (~> 3.0)
      mongo (~> 1.3)
      tzinfo (~> 0.3.22)
      will_paginate (~> 3.0.pre)

GIT
  remote: git://github.com/sinatra/sinatra.git
  revision: fb8265731d3c5b8771bf217843a678daadcf436d
  specs:
    sinatra (1.3.0)
      rack (~> 1.3)
      tilt (~> 1.3)

GEM
  remote: http://rubygems.org/
  specs:
    activemodel (3.0.9)
      activesupport (= 3.0.9)
      builder (~> 2.1.2)
      i18n (~> 0.5.0)
    activesupport (3.0.9)
    bson (1.3.1)
    bson_ext (1.3.1)
    builder (2.1.2)
    daemon_controller (0.2.6)
    fastthread (1.0.7)
    haml (3.1.2)
    hoptoad_notifier (2.4.11)
      activesupport
      builder
    i18n (0.5.0)
    mongo (1.3.1)
      bson (>= 1.3.1)
    passenger (3.0.7)
      daemon_controller (>= 0.2.5)
      fastthread (>= 1.0.1)
      rack
      rake (>= 0.8.1)
    rack (1.3.2)
    rack-test (0.6.1)
      rack (>= 1.0)
    rake (0.9.2)
    tilt (1.3.2)
    tzinfo (0.3.29)
    will_paginate (3.0.pre4)

PLATFORMS
  ruby

DEPENDENCIES
  bson_ext
  haml
  hoptoad_notifier
  mongoid!
  passenger
  rack-test
  sinatra!
