GIT
  remote: git://github.com/gmanley/mongoid.git
  revision: 9d25b10ee655ffa17b9d4e713ed7a52d39aaba9f
  branch: pagination
  specs:
    mongoid (2.0.2)
      activemodel (~> 3.0)
      mongo (~> 1.3)
      tzinfo (~> 0.3.22)
      will_paginate (~> 3.0.pre)

GIT
  remote: git://github.com/sinatra/sinatra.git
  revision: 3233c16ee6d702994499263b64ed0d96939baa4a
  specs:
    sinatra (1.3.0)
      rack (~> 1.3)
      tilt (~> 1.3)

GEM
  remote: http://rubygems.org/
  specs:
    activemodel (3.0.7)
      activesupport (= 3.0.7)
      builder (~> 2.1.2)
      i18n (~> 0.5.0)
    activesupport (3.0.7)
    bson (1.3.1)
    bson_ext (1.3.1)
    builder (2.1.2)
    capistrano (2.6.0)
      highline
      net-scp (>= 1.0.0)
      net-sftp (>= 2.0.0)
      net-ssh (>= 2.0.14)
      net-ssh-gateway (>= 1.1.0)
    configuration (1.2.0)
    daemons (1.1.3)
    eventmachine (0.12.10)
    haml (3.1.1)
    heroku (2.2.0)
      launchy (>= 0.3.2)
      rest-client (~> 1.6.1)
      term-ansicolor (~> 1.0.5)
    highline (1.6.2)
    i18n (0.5.0)
    launchy (0.4.0)
      configuration (>= 0.0.5)
      rake (>= 0.8.1)
    mime-types (1.16)
    mongo (1.3.1)
      bson (>= 1.3.1)
    net-scp (1.0.4)
      net-ssh (>= 1.99.1)
    net-sftp (2.0.5)
      net-ssh (>= 2.0.9)
    net-ssh (2.1.4)
    net-ssh-gateway (1.1.0)
      net-ssh (>= 1.99.1)
    rack (1.3.0)
    rack-test (0.6.0)
      rack (>= 1.0)
    rake (0.9.0)
    rest-client (1.6.1)
      mime-types (>= 1.16)
    shotgun (0.9)
      rack (>= 1.0)
    term-ansicolor (1.0.5)
    thin (1.2.11)
      daemons (>= 1.0.9)
      eventmachine (>= 0.12.6)
      rack (>= 1.0.0)
    tilt (1.3.2)
    timecop (0.3.5)
    tzinfo (0.3.27)
    will_paginate (3.0.pre2)

PLATFORMS
  ruby

DEPENDENCIES
  bson_ext
  capistrano
  haml
  heroku
  mongoid!
  rack-test
  shotgun
  sinatra!
  thin
  timecop
